PATH
  remote: ~/Projects/Temp/sphero
  specs:
    sphero (1.4.1.20130725165742)

GEM
  remote: https://rubygems.org/
  specs:
    hybridgroup-serialport (1.2.1)

PLATFORMS
  ruby

DEPENDENCIES
  hybridgroup-serialport
  sphero!
