GIT
  remote: git://github.com/marcrohloff/sphero.git
  revision: 8c00b8426a27080c35ea816fd5e6e81ceb2298a2
  specs:
    sphero (1.4.1.20130725165742)

GEM
  remote: https://rubygems.org/
  specs:
    hybridgroup-serialport (1.2.1)

PLATFORMS
  ruby

DEPENDENCIES
  hybridgroup-serialport
  sphero!
